PATH
  remote: .
  specs:
    pandemonium (0.0.1)
      clap (~> 1.0.0)
      goliath (~> 1.0.2)
      ohm (~> 1.3.2)
      ohm-contrib (~> 1.2)

GEM
  remote: http://rubygems.org/
  specs:
    addressable (2.3.4)
    async-rack (0.5.1)
      rack (~> 1.1)
    clap (1.0.0)
    columnize (0.3.6)
    debugger (1.6.0)
      columnize (>= 0.3.1)
      debugger-linecache (~> 1.2.0)
      debugger-ruby_core_source (~> 1.2.1)
    debugger-linecache (1.2.0)
    debugger-ruby_core_source (1.2.2)
    em-synchrony (1.0.3)
      eventmachine (>= 1.0.0.beta.1)
    em-websocket (0.3.8)
      addressable (>= 2.1.1)
      eventmachine (>= 0.12.9)
    eventmachine (1.0.3)
    goliath (1.0.2)
      async-rack
      em-synchrony (>= 1.0.0)
      em-websocket (= 0.3.8)
      eventmachine (>= 1.0.0.beta.4)
      http_parser.rb (= 0.5.3)
      log4r
      multi_json
      rack (>= 1.2.2)
      rack-contrib
      rack-respond_to
    http_parser.rb (0.5.3)
    log4r (1.1.10)
    minitest (5.0.4)
    multi_json (1.7.6)
    nest (1.1.2)
      redis
    ohm (1.3.2)
      nest (~> 1.0)
      redis
      scrivener (~> 0.0.3)
    ohm-contrib (1.2)
      ohm (~> 1.2)
    rack (1.5.2)
    rack-accept-media-types (0.9)
    rack-contrib (1.1.0)
      rack (>= 0.9.1)
    rack-respond_to (0.9.8)
      rack-accept-media-types (>= 0.6)
    rake (10.0.4)
    redis (3.0.4)
    scrivener (0.0.3)
    spawn (0.1.4)

PLATFORMS
  ruby

DEPENDENCIES
  debugger
  minitest (~> 5.0.4)
  pandemonium!
  rake
  spawn (~> 0.1.4)
